GEM
  remote: https://rubygems.org/
  specs:
    plist (3.5.0)

PLATFORMS
  ruby

DEPENDENCIES
  plist (~> 3.5)

BUNDLED WITH
   2.0.2
